GEM
  remote: https://rubygems.org/
  specs:
    chunky_png (1.3.12)
    victor (0.3.2)

PLATFORMS
  ruby

DEPENDENCIES
  chunky_png (~> 1.3)
  victor (~> 0.3.2)

BUNDLED WITH
   2.1.4
